GIT
  remote: git://github.com/Freetable/ft-common.git
  revision: 29d9f5f215ef9d9d35f80e16d06a4aa35094c6ca
  specs:
    ft-common (0.0.11)

GEM
  remote: https://rubygems.org/
  specs:
    activemodel (3.2.16)
      activesupport (= 3.2.16)
      builder (~> 3.0.0)
    activesupport (3.2.16)
      i18n (~> 0.6, >= 0.6.4)
      multi_json (~> 1.0)
    addressable (2.3.5)
    base32 (0.3.0)
    bson (1.9.2)
    bson_ext (1.9.2)
      bson (~> 1.9.2)
    builder (3.0.4)
    connection_pool (1.2.0)
    daemons (1.1.9)
    em-synchrony (1.0.3)
      eventmachine (>= 1.0.0.beta.1)
    em-websocket (0.3.8)
      addressable (>= 2.1.1)
      eventmachine (>= 0.12.9)
    eventmachine (1.0.3)
    hiredis (0.4.5)
    i18n (0.6.9)
    json (1.8.1)
    mime-types (2.0)
    mongo (1.9.2)
      bson (~> 1.9.2)
    mongo_mapper (0.12.0)
      activemodel (~> 3.0)
      activesupport (~> 3.0)
      plucky (~> 0.5.2)
    multi_json (1.8.4)
    plucky (0.5.2)
      mongo (~> 1.5)
    rack (1.5.2)
    rack-protection (1.5.1)
      rack
    redis (3.0.6)
    rest-client (1.6.7)
      mime-types (>= 1.16)
    sinatra (1.4.4)
      rack (~> 1.4)
      rack-protection (~> 1.4)
      tilt (~> 1.3, >= 1.3.4)
    sinatra-respond_to (0.9.0)
      sinatra (~> 1.3)
    sinatra-websocket (0.3.0)
      em-websocket (~> 0.3.6)
      eventmachine
      thin (>= 1.3.1)
    thin (1.6.1)
      daemons (>= 1.0.9)
      eventmachine (>= 1.0.0)
      rack (>= 1.0.0)
    tilt (1.4.1)
    uuidtools (2.1.4)

PLATFORMS
  ruby

DEPENDENCIES
  base32
  bson_ext
  connection_pool
  em-synchrony
  ft-common!
  hiredis (~> 0.4.5)
  json
  mongo_mapper
  redis
  rest-client
  sinatra
  sinatra-respond_to
  sinatra-websocket
  thin
  uuidtools
