GEM
  remote: https://rubygems.org/
  specs:
    activemodel (3.2.16)
      activesupport (= 3.2.16)
      builder (~> 3.0.0)
    activesupport (3.2.16)
      i18n (~> 0.6, >= 0.6.4)
      multi_json (~> 1.0)
    addressable (2.3.5)
    base32 (0.2.0)
    bson (1.9.2)
    bson_ext (1.9.2)
      bson (~> 1.9.2)
    builder (3.0.4)
    daemons (1.1.9)
    em-websocket (0.3.8)
      addressable (>= 2.1.1)
      eventmachine (>= 0.12.9)
    eventmachine (1.0.3)
    i18n (0.6.9)
    json (1.8.1)
    mongo (1.9.2)
      bson (~> 1.9.2)
    mongo_mapper (0.12.0)
      activemodel (~> 3.0)
      activesupport (~> 3.0)
      plucky (~> 0.5.2)
    multi_json (1.8.2)
    plucky (0.5.2)
      mongo (~> 1.5)
    rack (1.5.2)
    rack-protection (1.5.1)
      rack
    redis (3.0.6)
    sinatra (1.4.4)
      rack (~> 1.4)
      rack-protection (~> 1.4)
      tilt (~> 1.3, >= 1.3.4)
    sinatra-respond_to (0.9.0)
      sinatra (~> 1.3)
    sinatra-websocket (0.3.0)
      em-websocket (~> 0.3.6)
      eventmachine
      thin (>= 1.3.1)
    thin (1.6.1)
      daemons (>= 1.0.9)
      eventmachine (>= 1.0.0)
      rack (>= 1.0.0)
    tilt (1.4.1)
    uuidtools (2.1.4)

PLATFORMS
  ruby

DEPENDENCIES
  base32
  bson_ext
  json
  mongo_mapper
  redis
  sinatra
  sinatra-respond_to
  sinatra-websocket
  thin
  uuidtools
